GEM
  remote: https://rubygems.org/
  specs:
    cgi (0.4.1)
    erb (4.0.4)
      cgi (>= 0.3.3)
    rack (3.1.8)
    rack-session (2.0.0)
      rack (>= 3.0.0)

PLATFORMS
  ruby
  x86_64-linux

DEPENDENCIES
  erb
  rack
  rack-session

BUNDLED WITH
   2.5.21
